GEM
  remote: http://rubygems.org/
  specs:
    daemons (1.1.3)
    eventmachine (0.12.10)
    haml (3.1.1)
    rack (1.2.2)
    rdiscount (1.6.8)
    sass (3.1.1)
    sinatra (1.2.6)
      rack (~> 1.1)
      tilt (>= 1.2.2, < 2.0)
    thin (1.2.11)
      daemons (>= 1.0.9)
      eventmachine (>= 0.12.6)
      rack (>= 1.0.0)
    tilt (1.3)

PLATFORMS
  ruby

DEPENDENCIES
  haml
  rdiscount
  sass
  sinatra
  thin
